GEM
  remote: https://rubygems.org/
  specs:
    ast (2.2.0)
    haml (4.0.7)
      tilt
    haml_lint (0.16.1)
      haml (~> 4.0)
      rake (~> 10.0)
      rubocop (>= 0.36.0)
      sysexits (~> 1.1)
    parser (2.3.0.6)
      ast (~> 2.2)
    powerpack (0.1.1)
    rainbow (2.1.0)
    rake (10.4.2)
    rubocop (0.38.0)
      parser (>= 2.3.0.6, < 3.0)
      powerpack (~> 0.1)
      rainbow (>= 1.99.1, < 3.0)
      ruby-progressbar (~> 1.7)
      unicode-display_width (~> 1.0, >= 1.0.1)
    ruby-progressbar (1.7.5)
    sass (3.4.21)
    scss_lint (0.47.1)
      rake (>= 0.9, < 11)
      sass (~> 3.4.15)
    sysexits (1.2.0)
    tilt (2.0.2)
    unicode-display_width (1.0.2)

PLATFORMS
  x64-mingw32

DEPENDENCIES
  haml
  haml_lint
  sass
  scss_lint

BUNDLED WITH
   1.11.2
